STORAGE: NONE
RESTRICTION: || (== net50) (== netstandard2.0)
NUGET
  remote: https://api.nuget.org/v3/index.json
    Fable.Browser.Blob (1.1)
      Fable.Core (>= 3.0)
      FSharp.Core (>= 4.6.2)
    Fable.Browser.Dom (2.2)
      Fable.Browser.Blob (>= 1.1)
      Fable.Browser.Event (>= 1.2.1)
      Fable.Browser.WebStorage (>= 1.0)
      Fable.Core (>= 3.0)
      FSharp.Core (>= 4.7.2)
    Fable.Browser.Event (1.2.1)
      Fable.Core (>= 3.0)
      FSharp.Core (>= 4.7)
    Fable.Browser.WebStorage (1.0)
      Fable.Browser.Event (>= 1.0)
      Fable.Core (>= 3.0)
      FSharp.Core (>= 4.5.2)
    Fable.Core (3.2.5)
      FSharp.Core (>= 4.7.2)
    Fable.Node (1.2)
      Fable.Core (>= 3.1.2)
      FSharp.Core (>= 5.0)
    Fable.Promise (2.2)
      Fable.Core (>= 3.1.5)
      FSharp.Core (>= 5.0)
    Fable.Remoting.Giraffe (5.2.0-rc-6)
      Fable.Remoting.Server (>= 5.14) - restriction: || (== net50) (&& (== netstandard2.0) (>= net50))
      FSharp.Core (>= 5.0) - restriction: || (== net50) (&& (== netstandard2.0) (>= net50))
      Giraffe (>= 5.0.0-rc-6) - restriction: || (== net50) (&& (== netstandard2.0) (>= net50))
    Fable.Remoting.Json (2.14) - restriction: || (== net50) (&& (== netstandard2.0) (>= net50))
      FSharp.Core (>= 4.7.2)
      Newtonsoft.Json (>= 12.0.2)
    Fable.Remoting.MsgPack (1.7) - restriction: || (== net50) (&& (== netstandard2.0) (>= net50))
      FSharp.Core (>= 4.7.2)
      TypeShape (>= 8.0.1)
    Fable.Remoting.Server (5.14) - restriction: || (== net50) (&& (== netstandard2.0) (>= net50))
      Fable.Remoting.Json (>= 2.14)
      Fable.Remoting.MsgPack (>= 1.7)
      FSharp.Core (>= 4.7.2)
      TypeShape (>= 8.0.1)
    Fable.System.IO (0.1.1)
      Fable.Core (>= 3.2.2)
      FSharp.Core (>= 4.7.2)
    FSharp.Control.Websockets (0.2.2) - restriction: || (== net50) (&& (== netstandard2.0) (>= net50))
      FSharp.Core (>= 4.3.4)
      Microsoft.IO.RecyclableMemoryStream (>= 1.2.2)
    FSharp.Core (5.0.1)
    Giraffe (5.0.0-rc-6) - restriction: || (== net50) (&& (== netstandard2.0) (>= net50))
      FSharp.Core (>= 5.0) - restriction: || (== net50) (&& (== netstandard2.0) (>= net50))
      Giraffe.ViewEngine (>= 1.3) - restriction: || (== net50) (&& (== netstandard2.0) (>= net50))
      Microsoft.IO.RecyclableMemoryStream (>= 1.3.6) - restriction: || (== net50) (&& (== netstandard2.0) (>= net50))
      Newtonsoft.Json (>= 12.0.3) - restriction: || (== net50) (&& (== netstandard2.0) (>= net50))
      Ply (>= 0.3.1) - restriction: || (== net50) (&& (== netstandard2.0) (>= net50))
      System.Text.Json (>= 5.0) - restriction: || (== net50) (&& (== netstandard2.0) (>= net50))
      Utf8Json (>= 1.3.7) - restriction: || (== net50) (&& (== netstandard2.0) (>= net50))
    Giraffe.ViewEngine (1.3) - restriction: || (== net50) (&& (== netstandard2.0) (>= net50))
      FSharp.Core (>= 5.0) - restriction: || (== net50) (&& (== netstandard2.0) (>= net50))
    Microsoft.AspNetCore.Authentication.JwtBearer (5.0.3) - restriction: || (== net50) (&& (== netstandard2.0) (>= net50))
      Microsoft.IdentityModel.Protocols.OpenIdConnect (>= 6.7.1) - restriction: || (== net50) (&& (== netstandard2.0) (>= net50))
    Microsoft.CSharp (4.7) - restriction: || (== net50) (&& (== netstandard2.0) (>= net50))
    Microsoft.IdentityModel.JsonWebTokens (6.8) - restriction: || (== net50) (&& (== netstandard2.0) (>= net50))
      Microsoft.IdentityModel.Tokens (>= 6.8)
    Microsoft.IdentityModel.Logging (6.8) - restriction: || (== net50) (&& (== netstandard2.0) (>= net50))
    Microsoft.IdentityModel.Protocols (6.8) - restriction: || (== net50) (&& (== netstandard2.0) (>= net50))
      Microsoft.IdentityModel.Logging (>= 6.8)
      Microsoft.IdentityModel.Tokens (>= 6.8)
    Microsoft.IdentityModel.Protocols.OpenIdConnect (6.8) - restriction: || (== net50) (&& (== netstandard2.0) (>= net50))
      Microsoft.IdentityModel.Protocols (>= 6.8)
      System.IdentityModel.Tokens.Jwt (>= 6.8)
    Microsoft.IdentityModel.Tokens (6.8) - restriction: || (== net50) (&& (== netstandard2.0) (>= net50))
      Microsoft.CSharp (>= 4.5)
      Microsoft.IdentityModel.Logging (>= 6.8)
      System.Security.Cryptography.Cng (>= 4.5)
    Microsoft.IO.RecyclableMemoryStream (1.4) - restriction: || (== net50) (&& (== netstandard2.0) (>= net50))
    Newtonsoft.Json (12.0.3) - restriction: || (== net50) (&& (== netstandard2.0) (>= net50))
    Ply (0.3.1) - restriction: || (== net50) (&& (== netstandard2.0) (>= net50))
      FSharp.Core (>= 4.6.2)
      System.Threading.Tasks.Extensions (>= 4.5.4)
    Saturn (0.15.0-preview03)
      FSharp.Control.Websockets (>= 0.2.2) - restriction: || (== net50) (&& (== netstandard2.0) (>= net50))
      FSharp.Core (>= 5.0) - restriction: || (== net50) (&& (== netstandard2.0) (>= net50))
      Giraffe (>= 5.0.0-rc-6) - restriction: || (== net50) (&& (== netstandard2.0) (>= net50))
      Microsoft.AspNetCore.Authentication.JwtBearer (>= 5.0.2) - restriction: || (== net50) (&& (== netstandard2.0) (>= net50))
    System.Formats.Asn1 (5.0) - restriction: || (== net50) (&& (== netstandard2.0) (>= net50))
    System.IdentityModel.Tokens.Jwt (6.8) - restriction: || (== net50) (&& (== netstandard2.0) (>= net50))
      Microsoft.IdentityModel.JsonWebTokens (>= 6.8)
      Microsoft.IdentityModel.Tokens (>= 6.8)
    System.Reflection.Emit (4.7) - restriction: || (== net50) (&& (== netstandard2.0) (>= net50))
    System.Reflection.Emit.Lightweight (4.7) - restriction: || (== net50) (&& (== netstandard2.0) (>= net50))
    System.Security.Cryptography.Cng (5.0) - restriction: || (== net50) (&& (== netstandard2.0) (>= net50))
      System.Formats.Asn1 (>= 5.0) - restriction: || (== net50) (&& (== netstandard2.0) (>= netcoreapp3.0))
    System.Text.Json (5.0.1) - restriction: || (== net50) (&& (== netstandard2.0) (>= net50))
    System.Threading.Tasks.Extensions (4.5.4) - restriction: || (== net50) (&& (== netstandard2.0) (>= net50))
    System.ValueTuple (4.5) - restriction: || (== net50) (&& (== netstandard2.0) (>= net50))
    TypeShape (9.0) - restriction: || (== net50) (&& (== netstandard2.0) (>= net50))
      FSharp.Core (>= 4.3.2)
    Utf8Json (1.3.7) - restriction: || (== net50) (&& (== netstandard2.0) (>= net50))
      System.Reflection.Emit (>= 4.3)
      System.Reflection.Emit.Lightweight (>= 4.3)
      System.Threading.Tasks.Extensions (>= 4.4)
      System.ValueTuple (>= 4.4)
GITHUB
  remote: ionide/ionide-vscode-helpers
    src/Fable.Import.VSCode.fs (f9cfaa474910164482c2f5ae4a2fc1e54aa4ec72)
    src/Helpers.fs (f9cfaa474910164482c2f5ae4a2fc1e54aa4ec72)