STORAGE: NONE
RESTRICTION: || (== net50) (== netstandard2.0)
NUGET
  remote: https://api.nuget.org/v3/index.json
    Fable.Browser.Blob (1.1)
      Fable.Core (>= 3.0)
      FSharp.Core (>= 4.6.2)
    Fable.Browser.Dom (2.3)
      Fable.Browser.Blob (>= 1.1)
      Fable.Browser.Event (>= 1.3)
      Fable.Browser.WebStorage (>= 1.0)
      Fable.Core (>= 3.0)
      FSharp.Core (>= 4.7.2)
    Fable.Browser.Event (1.3)
      Fable.Browser.Gamepad (>= 1.0)
      Fable.Core (>= 3.0)
      FSharp.Core (>= 4.7.2)
    Fable.Browser.Gamepad (1.0)
      Fable.Core (>= 3.0)
      FSharp.Core (>= 4.7.2)
    Fable.Browser.WebStorage (1.0)
      Fable.Browser.Event (>= 1.0)
      Fable.Core (>= 3.0)
      FSharp.Core (>= 4.5.2)
    Fable.Core (3.2.5)
      FSharp.Core (>= 4.7.2)
    Fable.Node (1.2)
      Fable.Core (>= 3.1.2)
      FSharp.Core (>= 5.0)
    Fable.Promise (2.2)
      Fable.Core (>= 3.1.5)
      FSharp.Core (>= 5.0)
    Fable.Remoting.Giraffe (5.3.0-rc-6)
      Fable.Remoting.Server (>= 5.15) - restriction: || (== net50) (&& (== netstandard2.0) (>= net50))
      FSharp.Core (>= 5.0) - restriction: || (== net50) (&& (== netstandard2.0) (>= net50))
      Giraffe (>= 5.0.0-rc-6) - restriction: || (== net50) (&& (== netstandard2.0) (>= net50))
    Fable.Remoting.Json (2.14) - restriction: || (== net50) (&& (== netstandard2.0) (>= net50))
      FSharp.Core (>= 4.7.2)
      Newtonsoft.Json (>= 12.0.2)
    Fable.Remoting.MsgPack (1.8) - restriction: || (== net50) (&& (== netstandard2.0) (>= net50))
      FSharp.Core (>= 4.7.2)
      TypeShape (>= 8.0.1)
    Fable.Remoting.Server (5.15) - restriction: || (== net50) (&& (== netstandard2.0) (>= net50))
      Fable.Remoting.Json (>= 2.14)
      Fable.Remoting.MsgPack (>= 1.8)
      FSharp.Core (>= 4.7.2)
    FSharp.Control.Websockets (0.2.2) - restriction: || (== net50) (&& (== netstandard2.0) (>= net50))
      FSharp.Core (>= 4.3.4)
      Microsoft.IO.RecyclableMemoryStream (>= 1.2.2)
    FSharp.Core (5.0.1)
    FsUnit (4.0.4)
      FSharp.Core (>= 4.3.4)
      NETStandard.Library (>= 2.0.3)
      NUnit (>= 3.13 < 4.0)
    Giraffe (5.0.0-rc-6) - restriction: || (== net50) (&& (== netstandard2.0) (>= net50))
      FSharp.Core (>= 5.0) - restriction: || (== net50) (&& (== netstandard2.0) (>= net50))
      Giraffe.ViewEngine (>= 1.3) - restriction: || (== net50) (&& (== netstandard2.0) (>= net50))
      Microsoft.IO.RecyclableMemoryStream (>= 1.3.6) - restriction: || (== net50) (&& (== netstandard2.0) (>= net50))
      Newtonsoft.Json (>= 12.0.3) - restriction: || (== net50) (&& (== netstandard2.0) (>= net50))
      Ply (>= 0.3.1) - restriction: || (== net50) (&& (== netstandard2.0) (>= net50))
      System.Text.Json (>= 5.0) - restriction: || (== net50) (&& (== netstandard2.0) (>= net50))
      Utf8Json (>= 1.3.7) - restriction: || (== net50) (&& (== netstandard2.0) (>= net50))
    Giraffe.ViewEngine (1.3) - restriction: || (== net50) (&& (== netstandard2.0) (>= net50))
      FSharp.Core (>= 5.0) - restriction: || (== net50) (&& (== netstandard2.0) (>= net50))
    Microsoft.AspNetCore.Authentication.JwtBearer (5.0.4) - restriction: || (== net50) (&& (== netstandard2.0) (>= net50))
      Microsoft.IdentityModel.Protocols.OpenIdConnect (>= 6.7.1) - restriction: || (== net50) (&& (== netstandard2.0) (>= net50))
    Microsoft.CodeCoverage (16.9.4) - restriction: || (== net50) (&& (== netstandard2.0) (>= net45)) (&& (== netstandard2.0) (>= netcoreapp1.0))
    Microsoft.CSharp (4.7) - restriction: || (== net50) (&& (== netstandard2.0) (>= net50))
    Microsoft.IdentityModel.JsonWebTokens (6.10) - restriction: || (== net50) (&& (== netstandard2.0) (>= net50))
      Microsoft.IdentityModel.Tokens (>= 6.10)
    Microsoft.IdentityModel.Logging (6.10) - restriction: || (== net50) (&& (== netstandard2.0) (>= net50))
    Microsoft.IdentityModel.Protocols (6.10) - restriction: || (== net50) (&& (== netstandard2.0) (>= net50))
      Microsoft.IdentityModel.Logging (>= 6.10)
      Microsoft.IdentityModel.Tokens (>= 6.10)
    Microsoft.IdentityModel.Protocols.OpenIdConnect (6.10) - restriction: || (== net50) (&& (== netstandard2.0) (>= net50))
      Microsoft.IdentityModel.Protocols (>= 6.10)
      System.IdentityModel.Tokens.Jwt (>= 6.10)
    Microsoft.IdentityModel.Tokens (6.10) - restriction: || (== net50) (&& (== netstandard2.0) (>= net50))
      Microsoft.CSharp (>= 4.5)
      Microsoft.IdentityModel.Logging (>= 6.10)
      System.Security.Cryptography.Cng (>= 4.5)
    Microsoft.IO.RecyclableMemoryStream (2.0) - restriction: || (== net50) (&& (== netstandard2.0) (>= net50))
    Microsoft.NET.Test.Sdk (16.9.4)
      Microsoft.CodeCoverage (>= 16.9.4) - restriction: || (== net50) (&& (== netstandard2.0) (>= net45)) (&& (== netstandard2.0) (>= netcoreapp1.0))
      Microsoft.TestPlatform.TestHost (>= 16.9.4) - restriction: || (== net50) (&& (== netstandard2.0) (>= netcoreapp1.0))
    Microsoft.NETCore.Platforms (5.0.1)
    Microsoft.TestPlatform.ObjectModel (16.9.4) - restriction: || (== net50) (&& (== netstandard2.0) (>= netcoreapp1.0))
      NuGet.Frameworks (>= 5.0)
      System.Reflection.Metadata (>= 1.6)
    Microsoft.TestPlatform.TestHost (16.9.4) - restriction: || (== net50) (&& (== netstandard2.0) (>= netcoreapp1.0))
      Microsoft.TestPlatform.ObjectModel (>= 16.9.4) - restriction: || (== net50) (&& (== netstandard2.0) (>= netcoreapp1.0)) (&& (== netstandard2.0) (>= uap10.0))
      Newtonsoft.Json (>= 9.0.1) - restriction: || (== net50) (&& (== netstandard2.0) (>= netcoreapp1.0)) (&& (== netstandard2.0) (>= uap10.0))
    NETStandard.Library (2.0.3)
      Microsoft.NETCore.Platforms (>= 1.1)
    Newtonsoft.Json (13.0.1) - restriction: || (== net50) (&& (== netstandard2.0) (>= net50))
    NuGet.Frameworks (5.9) - restriction: || (== net50) (&& (== netstandard2.0) (>= netcoreapp1.0))
    NUnit (3.13.1)
      NETStandard.Library (>= 2.0)
    Ply (0.3.1) - restriction: || (== net50) (&& (== netstandard2.0) (>= net50))
      FSharp.Core (>= 4.6.2)
      System.Threading.Tasks.Extensions (>= 4.5.4)
    Saturn (0.15.0-preview03)
      FSharp.Control.Websockets (>= 0.2.2) - restriction: || (== net50) (&& (== netstandard2.0) (>= net50))
      FSharp.Core (>= 5.0) - restriction: || (== net50) (&& (== netstandard2.0) (>= net50))
      Giraffe (>= 5.0.0-rc-6) - restriction: || (== net50) (&& (== netstandard2.0) (>= net50))
      Microsoft.AspNetCore.Authentication.JwtBearer (>= 5.0.2) - restriction: || (== net50) (&& (== netstandard2.0) (>= net50))
    System.Formats.Asn1 (5.0) - restriction: || (== net50) (&& (== netstandard2.0) (>= net50))
    System.IdentityModel.Tokens.Jwt (6.10) - restriction: || (== net50) (&& (== netstandard2.0) (>= net50))
      Microsoft.IdentityModel.JsonWebTokens (>= 6.10)
      Microsoft.IdentityModel.Tokens (>= 6.10)
    System.IO.Packaging (5.0)
    System.Reflection.Emit (4.7) - restriction: || (== net50) (&& (== netstandard2.0) (>= net50))
    System.Reflection.Emit.Lightweight (4.7) - restriction: || (== net50) (&& (== netstandard2.0) (>= net50))
    System.Reflection.Metadata (5.0) - restriction: || (== net50) (&& (== netstandard2.0) (>= netcoreapp1.0))
    System.Security.Cryptography.Cng (5.0) - restriction: || (== net50) (&& (== netstandard2.0) (>= net50))
      System.Formats.Asn1 (>= 5.0) - restriction: || (== net50) (&& (== netstandard2.0) (>= netcoreapp3.0))
    System.Text.Json (5.0.1) - restriction: || (== net50) (&& (== netstandard2.0) (>= net50))
    System.Threading.Tasks.Extensions (4.5.4) - restriction: || (== net50) (&& (== netstandard2.0) (>= net50))
    System.ValueTuple (4.5) - restriction: || (== net50) (&& (== netstandard2.0) (>= net50))
    TypeShape (9.0) - restriction: || (== net50) (&& (== netstandard2.0) (>= net50))
      FSharp.Core (>= 4.3.2)
    Utf8Json (1.3.7) - restriction: || (== net50) (&& (== netstandard2.0) (>= net50))
      System.Reflection.Emit (>= 4.3)
      System.Reflection.Emit.Lightweight (>= 4.3)
      System.Threading.Tasks.Extensions (>= 4.4)
      System.ValueTuple (>= 4.4)
GITHUB
  remote: ionide/ionide-vscode-helpers
    src/Fable.Import.VSCode.fs (3c6cc652db8f2d58d54636595679149904f93c31)
    src/Helpers.fs (3c6cc652db8f2d58d54636595679149904f93c31)