STORAGE: NONE
RESTRICTION: || (== net50) (== netstandard2.0)
NUGET
  remote: https://api.nuget.org/v3/index.json
    Fable.Browser.Blob (1.1)
      Fable.Core (>= 3.0)
      FSharp.Core (>= 4.6.2)
    Fable.Browser.Dom (2.3)
      Fable.Browser.Blob (>= 1.1)
      Fable.Browser.Event (>= 1.3)
      Fable.Browser.WebStorage (>= 1.0)
      Fable.Core (>= 3.0)
      FSharp.Core (>= 4.7.2)
    Fable.Browser.Event (1.3)
      Fable.Browser.Gamepad (>= 1.0)
      Fable.Core (>= 3.0)
      FSharp.Core (>= 4.7.2)
    Fable.Browser.Gamepad (1.0)
      Fable.Core (>= 3.0)
      FSharp.Core (>= 4.7.2)
    Fable.Browser.WebStorage (1.0)
      Fable.Browser.Event (>= 1.0)
      Fable.Core (>= 3.0)
      FSharp.Core (>= 4.5.2)
    Fable.Core (3.2.5)
      FSharp.Core (>= 4.7.2)
    Fable.Node (1.2)
      Fable.Core (>= 3.1.2)
      FSharp.Core (>= 5.0)
    Fable.Promise (2.2)
      Fable.Core (>= 3.1.5)
      FSharp.Core (>= 5.0)
    Fable.Remoting.Giraffe (5.3.0-rc-6)
      Fable.Remoting.Server (>= 5.15) - restriction: || (== net50) (&& (== netstandard2.0) (>= net50))
      FSharp.Core (>= 5.0) - restriction: || (== net50) (&& (== netstandard2.0) (>= net50))
      Giraffe (>= 5.0.0-rc-6) - restriction: || (== net50) (&& (== netstandard2.0) (>= net50))
    Fable.Remoting.Json (2.14) - restriction: || (== net50) (&& (== netstandard2.0) (>= net50))
      FSharp.Core (>= 4.7.2)
      Newtonsoft.Json (>= 12.0.2)
    Fable.Remoting.MsgPack (1.8) - restriction: || (== net50) (&& (== netstandard2.0) (>= net50))
      FSharp.Core (>= 4.7.2)
      TypeShape (>= 8.0.1)
    Fable.Remoting.Server (5.15) - restriction: || (== net50) (&& (== netstandard2.0) (>= net50))
      Fable.Remoting.Json (>= 2.14)
      Fable.Remoting.MsgPack (>= 1.8)
      FSharp.Core (>= 4.7.2)
    FSharp.Control.Websockets (0.2.2) - restriction: || (== net50) (&& (== netstandard2.0) (>= net50))
      FSharp.Core (>= 4.3.4)
      Microsoft.IO.RecyclableMemoryStream (>= 1.2.2)
    FSharp.Core (5.0.1)
    FsUnit (4.0.4)
      FSharp.Core (>= 4.3.4)
      NETStandard.Library (>= 2.0.3)
      NUnit (>= 3.13 < 4.0)
    Giraffe (5.0.0-rc-6) - restriction: || (== net50) (&& (== netstandard2.0) (>= net50))
      FSharp.Core (>= 5.0) - restriction: || (== net50) (&& (== netstandard2.0) (>= net50))
      Giraffe.ViewEngine (>= 1.3) - restriction: || (== net50) (&& (== netstandard2.0) (>= net50))
      Microsoft.IO.RecyclableMemoryStream (>= 1.3.6) - restriction: || (== net50) (&& (== netstandard2.0) (>= net50))
      Newtonsoft.Json (>= 12.0.3) - restriction: || (== net50) (&& (== netstandard2.0) (>= net50))
      Ply (>= 0.3.1) - restriction: || (== net50) (&& (== netstandard2.0) (>= net50))
      System.Text.Json (>= 5.0) - restriction: || (== net50) (&& (== netstandard2.0) (>= net50))
      Utf8Json (>= 1.3.7) - restriction: || (== net50) (&& (== netstandard2.0) (>= net50))
    Giraffe.ViewEngine (1.3) - restriction: || (== net50) (&& (== netstandard2.0) (>= net50))
      FSharp.Core (>= 5.0) - restriction: || (== net50) (&& (== netstandard2.0) (>= net50))
    Microsoft.AspNetCore.Authentication.JwtBearer (5.0.4) - restriction: || (== net50) (&& (== netstandard2.0) (>= net50))
      Microsoft.IdentityModel.Protocols.OpenIdConnect (>= 6.7.1) - restriction: || (== net50) (&& (== netstandard2.0) (>= net50))
    Microsoft.CodeCoverage (16.9.4) - restriction: || (== net50) (&& (== netstandard2.0) (>= net45)) (&& (== netstandard2.0) (>= netcoreapp1.0))
    Microsoft.CSharp (4.7) - restriction: || (== net50) (&& (== netstandard2.0) (>= net50))
    Microsoft.IdentityModel.JsonWebTokens (6.10) - restriction: || (== net50) (&& (== netstandard2.0) (>= net50))
      Microsoft.IdentityModel.Tokens (>= 6.10)
    Microsoft.IdentityModel.Logging (6.10) - restriction: || (== net50) (&& (== netstandard2.0) (>= net50))
    Microsoft.IdentityModel.Protocols (6.10) - restriction: || (== net50) (&& (== netstandard2.0) (>= net50))
      Microsoft.IdentityModel.Logging (>= 6.10)
      Microsoft.IdentityModel.Tokens (>= 6.10)
    Microsoft.IdentityModel.Protocols.OpenIdConnect (6.10) - restriction: || (== net50) (&& (== netstandard2.0) (>= net50))
      Microsoft.IdentityModel.Protocols (>= 6.10)
      System.IdentityModel.Tokens.Jwt (>= 6.10)
    Microsoft.IdentityModel.Tokens (6.10) - restriction: || (== net50) (&& (== netstandard2.0) (>= net50))
      Microsoft.CSharp (>= 4.5)
      Microsoft.IdentityModel.Logging (>= 6.10)
      System.Security.Cryptography.Cng (>= 4.5)
    Microsoft.IO.RecyclableMemoryStream (2.0) - restriction: || (== net50) (&& (== netstandard2.0) (>= net50))
    Microsoft.NET.Test.Sdk (16.9.4)
      Microsoft.CodeCoverage (>= 16.9.4) - restriction: || (== net50) (&& (== netstandard2.0) (>= net45)) (&& (== netstandard2.0) (>= netcoreapp1.0))
      Microsoft.TestPlatform.TestHost (>= 16.9.4) - restriction: || (== net50) (&& (== netstandard2.0) (>= netcoreapp1.0))
    Microsoft.NETCore.Platforms (5.0.1)
    Microsoft.TestPlatform.ObjectModel (16.9.4) - restriction: || (== net50) (&& (== netstandard2.0) (>= netcoreapp1.0))
      NuGet.Frameworks (>= 5.0)
      System.Reflection.Metadata (>= 1.6)
    Microsoft.TestPlatform.TestHost (16.9.4) - restriction: || (== net50) (&& (== netstandard2.0) (>= netcoreapp1.0))
      Microsoft.TestPlatform.ObjectModel (>= 16.9.4) - restriction: || (== net50) (&& (== netstandard2.0) (>= netcoreapp1.0)) (&& (== netstandard2.0) (>= uap10.0))
      Newtonsoft.Json (>= 9.0.1) - restriction: || (== net50) (&& (== netstandard2.0) (>= netcoreapp1.0)) (&& (== netstandard2.0) (>= uap10.0))
    NETStandard.Library (2.0.3)
      Microsoft.NETCore.Platforms (>= 1.1)
    Newtonsoft.Json (13.0.1) - restriction: || (== net50) (&& (== netstandard2.0) (>= net50))
    NuGet.Frameworks (5.9) - restriction: || (== net50) (&& (== netstandard2.0) (>= netcoreapp1.0))
    NUnit (3.13.1)
      NETStandard.Library (>= 2.0)
    Ply (0.3.1) - restriction: || (== net50) (&& (== netstandard2.0) (>= net50))
      FSharp.Core (>= 4.6.2)
      System.Threading.Tasks.Extensions (>= 4.5.4)
    Saturn (0.15.0-preview03)
      FSharp.Control.Websockets (>= 0.2.2) - restriction: || (== net50) (&& (== netstandard2.0) (>= net50))
      FSharp.Core (>= 5.0) - restriction: || (== net50) (&& (== netstandard2.0) (>= net50))
      Giraffe (>= 5.0.0-rc-6) - restriction: || (== net50) (&& (== netstandard2.0) (>= net50))
      Microsoft.AspNetCore.Authentication.JwtBearer (>= 5.0.2) - restriction: || (== net50) (&& (== netstandard2.0) (>= net50))
    System.Formats.Asn1 (5.0) - restriction: || (== net50) (&& (== netstandard2.0) (>= net50))
    System.IdentityModel.Tokens.Jwt (6.10) - restriction: || (== net50) (&& (== netstandard2.0) (>= net50))
      Microsoft.IdentityModel.JsonWebTokens (>= 6.10)
      Microsoft.IdentityModel.Tokens (>= 6.10)
    System.IO.Packaging (5.0)
    System.Reflection.Emit (4.7) - restriction: || (== net50) (&& (== netstandard2.0) (>= net50))
    System.Reflection.Emit.Lightweight (4.7) - restriction: || (== net50) (&& (== netstandard2.0) (>= net50))
    System.Reflection.Metadata (5.0) - restriction: || (== net50) (&& (== netstandard2.0) (>= netcoreapp1.0))
    System.Security.Cryptography.Cng (5.0) - restriction: || (== net50) (&& (== netstandard2.0) (>= net50))
      System.Formats.Asn1 (>= 5.0) - restriction: || (== net50) (&& (== netstandard2.0) (>= netcoreapp3.0))
    System.Text.Json (5.0.1) - restriction: || (== net50) (&& (== netstandard2.0) (>= net50))
    System.Threading.Tasks.Extensions (4.5.4) - restriction: || (== net50) (&& (== netstandard2.0) (>= net50))
    System.ValueTuple (4.5) - restriction: || (== net50) (&& (== netstandard2.0) (>= net50))
    TypeShape (9.0) - restriction: || (== net50) (&& (== netstandard2.0) (>= net50))
      FSharp.Core (>= 4.3.2)
    Utf8Json (1.3.7) - restriction: || (== net50) (&& (== netstandard2.0) (>= net50))
      System.Reflection.Emit (>= 4.3)
      System.Reflection.Emit.Lightweight (>= 4.3)
      System.Threading.Tasks.Extensions (>= 4.4)
      System.ValueTuple (>= 4.4)
GITHUB
  remote: ionide/ionide-vscode-helpers
    src/Fable.Import.VSCode.fs (3c6cc652db8f2d58d54636595679149904f93c31)
    src/Helpers.fs (3c6cc652db8f2d58d54636595679149904f93c31)
GROUP build
STORAGE: NONE
RESTRICTION: == netstandard2.0
NUGET
  remote: https://api.nuget.org/v3/index.json
    BlackFox.VsWhere (1.1)
      FSharp.Core (>= 4.2.3)
      Microsoft.Win32.Registry (>= 4.7)
    Fake.Api.GitHub (5.20.4)
      FSharp.Core (>= 4.7.2)
      Octokit (>= 0.48)
    Fake.Core.CommandLineParsing (5.20.4)
      FParsec (>= 1.1.1)
      FSharp.Core (>= 4.7.2)
    Fake.Core.Context (5.20.4)
      FSharp.Core (>= 4.7.2)
    Fake.Core.Environment (5.20.4)
      FSharp.Core (>= 4.7.2)
    Fake.Core.FakeVar (5.20.4)
      Fake.Core.Context (>= 5.20.4)
      FSharp.Core (>= 4.7.2)
    Fake.Core.Process (5.20.4)
      Fake.Core.Environment (>= 5.20.4)
      Fake.Core.FakeVar (>= 5.20.4)
      Fake.Core.String (>= 5.20.4)
      Fake.Core.Trace (>= 5.20.4)
      Fake.IO.FileSystem (>= 5.20.4)
      FSharp.Core (>= 4.7.2)
      System.Collections.Immutable (>= 1.7.1)
    Fake.Core.ReleaseNotes (5.20.4)
      Fake.Core.SemVer (>= 5.20.4)
      Fake.Core.String (>= 5.20.4)
      FSharp.Core (>= 4.7.2)
    Fake.Core.SemVer (5.20.4)
      FSharp.Core (>= 4.7.2)
    Fake.Core.String (5.20.4)
      FSharp.Core (>= 4.7.2)
    Fake.Core.Target (5.20.4)
      Fake.Core.CommandLineParsing (>= 5.20.4)
      Fake.Core.Context (>= 5.20.4)
      Fake.Core.Environment (>= 5.20.4)
      Fake.Core.FakeVar (>= 5.20.4)
      Fake.Core.Process (>= 5.20.4)
      Fake.Core.String (>= 5.20.4)
      Fake.Core.Trace (>= 5.20.4)
      FSharp.Control.Reactive (>= 4.4.2)
      FSharp.Core (>= 4.7.2)
    Fake.Core.Tasks (5.20.4)
      Fake.Core.Trace (>= 5.20.4)
      FSharp.Core (>= 4.7.2)
    Fake.Core.Trace (5.20.4)
      Fake.Core.Environment (>= 5.20.4)
      Fake.Core.FakeVar (>= 5.20.4)
      FSharp.Core (>= 4.7.2)
    Fake.Core.UserInput (5.20.4)
      FSharp.Core (>= 4.7.2)
    Fake.Core.Xml (5.20.4)
      Fake.Core.String (>= 5.20.4)
      FSharp.Core (>= 4.7.2)
    Fake.DotNet.AssemblyInfoFile (5.20.4)
      Fake.Core.Environment (>= 5.20.4)
      Fake.Core.String (>= 5.20.4)
      Fake.Core.Trace (>= 5.20.4)
      Fake.IO.FileSystem (>= 5.20.4)
      FSharp.Core (>= 4.7.2)
    Fake.DotNet.Cli (5.20.4)
      Fake.Core.Environment (>= 5.20.4)
      Fake.Core.Process (>= 5.20.4)
      Fake.Core.String (>= 5.20.4)
      Fake.Core.Trace (>= 5.20.4)
      Fake.DotNet.MsBuild (>= 5.20.4)
      Fake.DotNet.NuGet (>= 5.20.4)
      Fake.IO.FileSystem (>= 5.20.4)
      FSharp.Core (>= 4.7.2)
      Mono.Posix.NETStandard (>= 1.0)
      Newtonsoft.Json (>= 12.0.3)
    Fake.DotNet.MsBuild (5.20.4)
      BlackFox.VsWhere (>= 1.1)
      Fake.Core.Environment (>= 5.20.4)
      Fake.Core.Process (>= 5.20.4)
      Fake.Core.String (>= 5.20.4)
      Fake.Core.Trace (>= 5.20.4)
      Fake.IO.FileSystem (>= 5.20.4)
      FSharp.Core (>= 4.7.2)
      MSBuild.StructuredLogger (>= 2.1.176)
    Fake.DotNet.NuGet (5.20.4)
      Fake.Core.Environment (>= 5.20.4)
      Fake.Core.Process (>= 5.20.4)
      Fake.Core.SemVer (>= 5.20.4)
      Fake.Core.String (>= 5.20.4)
      Fake.Core.Tasks (>= 5.20.4)
      Fake.Core.Trace (>= 5.20.4)
      Fake.Core.Xml (>= 5.20.4)
      Fake.IO.FileSystem (>= 5.20.4)
      Fake.Net.Http (>= 5.20.4)
      FSharp.Core (>= 4.7.2)
      Newtonsoft.Json (>= 12.0.3)
      NuGet.Protocol (>= 5.6)
    Fake.DotNet.Paket (5.20.4)
      Fake.Core.Process (>= 5.20.4)
      Fake.Core.String (>= 5.20.4)
      Fake.Core.Trace (>= 5.20.4)
      Fake.DotNet.Cli (>= 5.20.4)
      Fake.IO.FileSystem (>= 5.20.4)
      FSharp.Core (>= 4.7.2)
    Fake.IO.FileSystem (5.20.4)
      Fake.Core.String (>= 5.20.4)
      FSharp.Core (>= 4.7.2)
    Fake.IO.Zip (5.20.4)
      Fake.Core.String (>= 5.20.4)
      Fake.IO.FileSystem (>= 5.20.4)
      FSharp.Core (>= 4.7.2)
    Fake.JavaScript.Yarn (5.20.4)
      Fake.Core.Environment (>= 5.20.4)
      Fake.Core.Process (>= 5.20.4)
      FSharp.Core (>= 4.7.2)
    Fake.Net.Http (5.20.4)
      Fake.Core.Trace (>= 5.20.4)
      FSharp.Core (>= 4.7.2)
    Fake.Tools.Git (5.20.4)
      Fake.Core.Environment (>= 5.20.4)
      Fake.Core.Process (>= 5.20.4)
      Fake.Core.SemVer (>= 5.20.4)
      Fake.Core.String (>= 5.20.4)
      Fake.Core.Trace (>= 5.20.4)
      Fake.IO.FileSystem (>= 5.20.4)
      FSharp.Core (>= 4.7.2)
    FParsec (1.1.1)
      FSharp.Core (>= 4.3.4)
    FSharp.Control.Reactive (5.0.2)
      FSharp.Core (>= 4.7.2)
      System.Reactive (>= 5.0)
    FSharp.Core (5.0.1)
    Microsoft.Build (16.9)
    Microsoft.Build.Framework (16.9)
      System.Security.Permissions (>= 4.7)
    Microsoft.Build.Tasks.Core (16.9)
      Microsoft.Build.Framework (>= 16.9)
      Microsoft.Build.Utilities.Core (>= 16.9)
      Microsoft.Win32.Registry (>= 4.3)
      System.CodeDom (>= 4.4)
      System.Collections.Immutable (>= 5.0)
      System.Reflection.Metadata (>= 1.6)
      System.Reflection.TypeExtensions (>= 4.1)
      System.Resources.Extensions (>= 4.6)
      System.Runtime.InteropServices (>= 4.3)
      System.Security.Cryptography.Pkcs (>= 4.7)
      System.Security.Cryptography.Xml (>= 4.7)
      System.Security.Permissions (>= 4.7)
      System.Threading.Tasks.Dataflow (>= 4.9)
    Microsoft.Build.Utilities.Core (16.9)
      Microsoft.Build.Framework (>= 16.9)
      Microsoft.Win32.Registry (>= 4.3)
      System.Collections.Immutable (>= 5.0)
      System.Security.Permissions (>= 4.7)
      System.Text.Encoding.CodePages (>= 4.0.1)
    Microsoft.NETCore.Platforms (5.0.1)
    Microsoft.NETCore.Targets (5.0)
    Microsoft.Win32.Registry (5.0)
      System.Buffers (>= 4.5.1)
      System.Memory (>= 4.5.4)
      System.Security.AccessControl (>= 5.0)
      System.Security.Principal.Windows (>= 5.0)
    Mono.Posix.NETStandard (1.0)
    MSBuild.StructuredLogger (2.1.397)
      Microsoft.Build (>= 16.4)
      Microsoft.Build.Framework (>= 16.4)
      Microsoft.Build.Tasks.Core (>= 16.4)
      Microsoft.Build.Utilities.Core (>= 16.4)
    Newtonsoft.Json (13.0.1)
    NuGet.Common (5.9)
      NuGet.Frameworks (>= 5.9)
    NuGet.Configuration (5.9)
      NuGet.Common (>= 5.9)
      System.Security.Cryptography.ProtectedData (>= 4.4)
    NuGet.Frameworks (5.9)
    NuGet.Packaging (5.9)
      Newtonsoft.Json (>= 9.0.1)
      NuGet.Configuration (>= 5.9)
      NuGet.Versioning (>= 5.9)
      System.Security.Cryptography.Cng (>= 5.0)
      System.Security.Cryptography.Pkcs (>= 5.0)
    NuGet.Protocol (5.9)
      NuGet.Packaging (>= 5.9)
    NuGet.Versioning (5.9)
    Octokit (0.50)
    System.Buffers (4.5.1)
    System.CodeDom (5.0)
    System.Collections.Immutable (5.0)
      System.Memory (>= 4.5.4)
    System.Formats.Asn1 (5.0)
      System.Buffers (>= 4.5.1)
      System.Memory (>= 4.5.4)
    System.IO (4.3)
      Microsoft.NETCore.Platforms (>= 1.1)
      Microsoft.NETCore.Targets (>= 1.1)
      System.Runtime (>= 4.3)
      System.Text.Encoding (>= 4.3)
      System.Threading.Tasks (>= 4.3)
    System.Memory (4.5.4)
      System.Buffers (>= 4.5.1)
      System.Numerics.Vectors (>= 4.4)
      System.Runtime.CompilerServices.Unsafe (>= 4.5.3)
    System.Numerics.Vectors (4.5)
    System.Reactive (5.0)
      System.Runtime.InteropServices.WindowsRuntime (>= 4.3)
      System.Threading.Tasks.Extensions (>= 4.5.4)
    System.Reflection (4.3)
      Microsoft.NETCore.Platforms (>= 1.1)
      Microsoft.NETCore.Targets (>= 1.1)
      System.IO (>= 4.3)
      System.Reflection.Primitives (>= 4.3)
      System.Runtime (>= 4.3)
    System.Reflection.Metadata (5.0)
      System.Collections.Immutable (>= 5.0)
    System.Reflection.Primitives (4.3)
      Microsoft.NETCore.Platforms (>= 1.1)
      Microsoft.NETCore.Targets (>= 1.1)
      System.Runtime (>= 4.3)
    System.Reflection.TypeExtensions (4.7)
    System.Resources.Extensions (5.0)
      System.Memory (>= 4.5.4)
    System.Runtime (4.3.1)
      Microsoft.NETCore.Platforms (>= 1.1.1)
      Microsoft.NETCore.Targets (>= 1.1.3)
    System.Runtime.CompilerServices.Unsafe (5.0)
    System.Runtime.Handles (4.3)
      Microsoft.NETCore.Platforms (>= 1.1)
      Microsoft.NETCore.Targets (>= 1.1)
      System.Runtime (>= 4.3)
    System.Runtime.InteropServices (4.3)
      Microsoft.NETCore.Platforms (>= 1.1)
      Microsoft.NETCore.Targets (>= 1.1)
      System.Reflection (>= 4.3)
      System.Reflection.Primitives (>= 4.3)
      System.Runtime (>= 4.3)
      System.Runtime.Handles (>= 4.3)
    System.Runtime.InteropServices.WindowsRuntime (4.3)
      System.Runtime (>= 4.3)
    System.Security.AccessControl (5.0)
      System.Security.Principal.Windows (>= 5.0)
    System.Security.Cryptography.Cng (5.0)
    System.Security.Cryptography.Pkcs (5.0.1)
      System.Buffers (>= 4.5.1)
      System.Formats.Asn1 (>= 5.0)
      System.Memory (>= 4.5.4)
      System.Security.Cryptography.Cng (>= 5.0)
    System.Security.Cryptography.ProtectedData (5.0)
      System.Memory (>= 4.5.4)
    System.Security.Cryptography.Xml (5.0)
      System.Memory (>= 4.5.4)
      System.Security.Cryptography.Pkcs (>= 5.0)
      System.Security.Permissions (>= 5.0)
    System.Security.Permissions (5.0)
      System.Security.AccessControl (>= 5.0)
    System.Security.Principal.Windows (5.0)
    System.Text.Encoding (4.3)
      Microsoft.NETCore.Platforms (>= 1.1)
      Microsoft.NETCore.Targets (>= 1.1)
      System.Runtime (>= 4.3)
    System.Text.Encoding.CodePages (5.0)
      System.Runtime.CompilerServices.Unsafe (>= 5.0)
    System.Threading.Tasks (4.3)
      Microsoft.NETCore.Platforms (>= 1.1)
      Microsoft.NETCore.Targets (>= 1.1)
      System.Runtime (>= 4.3)
    System.Threading.Tasks.Dataflow (5.0)
    System.Threading.Tasks.Extensions (4.5.4)
      System.Runtime.CompilerServices.Unsafe (>= 4.5.3)
